GEM
  remote: https://rubygems.org/
  specs:
    docile (1.1.5)
    json (1.8.3)
    rake (0.8.7)
    simplecov (0.11.2)
      docile (~> 1.1.0)
      json (~> 1.8)
      simplecov-html (~> 0.10.0)
    simplecov-html (0.10.0)

PLATFORMS
  ruby

DEPENDENCIES
  rake (= 0.8.7)
  simplecov

BUNDLED WITH
   1.11.2
